PATH
  remote: .
  specs:
    pickaname (0.1.5)

GEM
  remote: https://rubygems.org/
  specs:
    rake (12.3.2)

PLATFORMS
  ruby

DEPENDENCIES
  pickaname!
  rake (~> 12.0)

BUNDLED WITH
   2.1.4
